PATH
  remote: .
  specs:
    active_notebook (0.1.0)
      awesome_print (~> 1.8)
      daru (~> 0.3)
      ffi-rzmq (~> 2.0)
      iruby (~> 0.4)

GEM
  remote: https://rubygems.org/
  specs:
    activemodel (6.1.0)
      activesupport (= 6.1.0)
    activerecord (6.1.0)
      activemodel (= 6.1.0)
      activesupport (= 6.1.0)
    activesupport (6.1.0)
      concurrent-ruby (~> 1.0, >= 1.0.2)
      i18n (>= 1.6, < 2)
      minitest (>= 5.1)
      tzinfo (~> 2.0)
      zeitwerk (~> 2.3)
    awesome_print (1.8.0)
    backports (3.18.2)
    bond (0.5.1)
    coderay (1.1.3)
    concurrent-ruby (1.1.7)
    daru (0.3)
      packable (~> 1.3.13)
    data_uri (0.1.0)
    ffi (1.14.1)
    ffi-rzmq (2.0.7)
      ffi-rzmq-core (>= 1.0.7)
    ffi-rzmq-core (1.0.7)
      ffi
    i18n (1.8.5)
      concurrent-ruby (~> 1.0)
    iruby (0.4.0)
      bond (~> 0.5)
      data_uri (~> 0.1)
      mimemagic (~> 0.3)
      multi_json (~> 1.11)
    method_source (1.0.0)
    mimemagic (0.3.5)
    minitest (5.14.2)
    multi_json (1.15.0)
    packable (1.3.14)
      backports
    pry (0.13.1)
      coderay (~> 1.1)
      method_source (~> 1.0)
    tzinfo (2.0.4)
      concurrent-ruby (~> 1.0)
    zeitwerk (2.4.2)

PLATFORMS
  ruby

DEPENDENCIES
  active_notebook!
  activerecord (~> 6.1)
  pry (~> 0.13.1)

BUNDLED WITH
   1.17.2
